GEM
  remote: https://rubygems.org/
  specs:
    coderay (1.1.0)
    cuba (3.5.0)
      rack (~> 1.6.0)
    method_source (0.8.2)
    pry (0.10.3)
      coderay (~> 1.1.0)
      method_source (~> 0.8.1)
      slop (~> 3.4)
    rack (1.6.4)
    redis (3.2.2)
    rmagick (2.15.4)
    slop (3.6.0)

PLATFORMS
  ruby

DEPENDENCIES
  cuba
  pry
  rack
  redis
  rmagick

BUNDLED WITH
   1.11.2
